PATH
  remote: /Users/jesse/src/flpjck/flapjack-diner
  specs:
    flapjack-diner (0.15)
      httparty (>= 0.10)
      json (>= 1.7.7)

GEM
  remote: https://rubygems.org/
  specs:
    httparty (0.11.0)
      multi_json (~> 1.0)
      multi_xml (>= 0.5.2)
    json (1.8.0)
    multi_json (1.7.7)
    multi_xml (0.5.4)

PLATFORMS
  ruby

DEPENDENCIES
  flapjack-diner!
