PATH
  remote: /Users/jesse/src/bulletproof/flapjack-diner
  specs:
    flapjack-diner (0.9.1)
      httparty
      json

GEM
  specs:
    httparty (0.9.0)
      multi_json (~> 1.0)
      multi_xml
    json (1.7.7)
    multi_json (1.6.1)
    multi_xml (0.5.1)

PLATFORMS
  ruby

DEPENDENCIES
  flapjack-diner!
